GEM
  remote: https://rubygems.org/
  specs:
    concurrent-ruby (1.0.5)
    hike (1.2.3)
    opal (0.10.4)
      hike (~> 1.2)
      sourcemap (~> 0.1.0)
      sprockets (~> 3.1)
      tilt (>= 1.4)
    opal-jquery (0.4.2)
      opal (>= 0.7.0, < 0.11.0)
    rack (2.0.3)
    sourcemap (0.1.1)
    sprockets (3.7.1)
      concurrent-ruby (~> 1.0)
      rack (> 1, < 3)
    tilt (2.0.7)

PLATFORMS
  ruby

DEPENDENCIES
  opal
  opal-jquery

BUNDLED WITH
   1.14.6
