GIT
  remote: git://github.com/opal/opal-jquery.git
  revision: f47a9b42da366cea270f743b05acf529f3077d35
  specs:
    opal-jquery (0.4.2)
      opal (>= 0.10.0, < 0.12.0)

GEM
  remote: https://rubygems.org/
  specs:
    ast (2.4.0)
    hike (1.2.3)
    opal (0.11.0)
      ast (>= 2.3.0)
      hike (~> 1.2)
      parser (= 2.3.3.1)
      sourcemap (~> 0.1.0)
    opal-rspec (0.6.1)
      opal (>= 0.10.0, < 0.12)
    parser (2.3.3.1)
      ast (~> 2.2)
    sourcemap (0.1.1)

PLATFORMS
  ruby

DEPENDENCIES
  opal
  opal-jquery!
  opal-rspec

BUNDLED WITH
   1.14.6
